GEM
  remote: http://rubygems.org/
  specs:
    addressable (2.3.7)
    api-auth (1.2.6)
    builder (3.2.2)
    childprocess (0.5.5)
      ffi (~> 1.0, >= 1.0.11)
    cucumber (1.3.19)
      builder (>= 2.1.2)
      diff-lcs (>= 1.1.3)
      gherkin (~> 2.12)
      multi_json (>= 1.7.5, < 2.0)
      multi_test (>= 0.1.2)
    data_magic (0.20)
      faker (>= 1.1.2)
      yml_reader (>= 0.4)
    diff-lcs (1.2.5)
    faker (1.4.3)
      i18n (~> 0.5)
    ffi (1.9.6)
    ffi (1.9.6-x64-mingw32)
    fig_newton (0.12)
      yml_reader (>= 0.5)
    gherkin (2.12.2)
      multi_json (~> 1.3)
    htmlentities (4.3.3)
    i18n (0.7.0)
    json-compare (0.1.8)
    mail (2.6.3)
      mime-types (>= 1.16, < 3)
    mime (0.4.2)
    mime-types (2.4.3)
    mini_portile (0.6.2)
    multi_json (1.11.0)
    multi_test (0.1.2)
    netrc (0.10.2)
    nokogiri (1.6.6.2)
      mini_portile (~> 0.6.0)
    nokogiri (1.6.6.2-x64-mingw32)
      mini_portile (~> 0.6.0)
    os (0.9.6)
    page-object (1.0.3)
      page_navigation (>= 0.9)
      selenium-webdriver (>= 2.44.0)
      watir-webdriver (>= 0.6.11)
    page_navigation (0.9)
      data_magic (>= 0.14)
    rest-client (1.7.2)
      mime-types (>= 1.16, < 3.0)
      netrc (~> 0.7)
    rest-client (1.7.2-x64-mingw32)
      ffi (~> 1.9)
      mime-types (>= 1.16, < 3.0)
      netrc (~> 0.7)
    rspec (3.2.0)
      rspec-core (~> 3.2.0)
      rspec-expectations (~> 3.2.0)
      rspec-mocks (~> 3.2.0)
    rspec-core (3.2.1)
      rspec-support (~> 3.2.0)
    rspec-expectations (3.2.0)
      diff-lcs (>= 1.2.0, < 2.0)
      rspec-support (~> 3.2.0)
    rspec-mocks (3.2.1)
      diff-lcs (>= 1.2.0, < 2.0)
      rspec-support (~> 3.2.0)
    rspec-support (3.2.2)
    ruby-gmail (0.3.1)
      mail (>= 2.2.1)
      mime (>= 0.1)
      shared-mime-info
    rubyzip (1.1.7)
    selenium-webdriver (2.45.0)
      childprocess (~> 0.5)
      multi_json (~> 1.0)
      rubyzip (~> 1.0)
      websocket (~> 1.0)
    shared-mime-info (0.2.5)
    syntax (1.2.0)
    watir-scroll (0.1.0)
      watir-webdriver
    watir-webdriver (0.7.0)
      selenium-webdriver (>= 2.45)
    websocket (1.2.1)
    yajl-ruby (1.2.1)
    yml_reader (0.5)

PLATFORMS
  ruby
  x64-mingw32

DEPENDENCIES
  addressable
  api-auth
  cucumber
  data_magic
  fig_newton
  htmlentities
  json-compare
  mail
  nokogiri
  os
  page-object
  rest-client
  rspec
  rspec-expectations
  ruby-gmail
  syntax
  watir-scroll
  yajl-ruby

BUNDLED WITH
   1.10.3
